GEM
  remote: https://rubygems.org/
  specs:
    hpricot (0.8.6)
    html2slim (0.2.0)
      hpricot
    slim (5.2.1)
      temple (~> 0.10.0)
      tilt (>= 2.1.0)
    temple (0.10.3)
    tilt (2.3.0)

PLATFORMS
  ruby

DEPENDENCIES
  html2slim
  slim

BUNDLED WITH
   2.3.13
