GEM
  remote: https://rubygems.org/
  specs:
    hpricot (0.8.6)
    html2slim (0.2.0)
      hpricot
    slim (3.0.9)
      temple (>= 0.7.6, < 0.9)
      tilt (>= 1.3.3, < 2.1)
    temple (0.8.2)
    tilt (2.0.10)

PLATFORMS
  ruby

DEPENDENCIES
  html2slim
  slim

BUNDLED WITH
   1.17.2
