GEM
  remote: https://rubygems.org/
  specs:
    hpricot (0.8.6)
    html2slim (0.2.0)
      hpricot
    slim (4.0.1)
      temple (>= 0.7.6, < 0.9)
      tilt (>= 2.0.6, < 2.1)
    slim2html (0.3.3)
      slim
    temple (0.8.2)
    tilt (2.0.10)

PLATFORMS
  ruby

DEPENDENCIES
  html2slim
  slim2html

BUNDLED WITH
   1.17.2
